GEM
  remote: https://rubygems.org/
  specs:
    addressable (2.3.7)
    coderay (1.1.0)
    cookiejar (0.3.2)
    dotenv (1.0.2)
    em-eventsource (0.2.0)
      em-http-request (>= 1.0.0)
      eventmachine (>= 1.0.0.beta3)
    em-http-request (1.1.2)
      addressable (>= 2.3.4)
      cookiejar
      em-socksify (>= 0.3)
      eventmachine (>= 1.0.3)
      http_parser.rb (>= 0.6.0)
    em-socksify (0.3.0)
      eventmachine (>= 1.0.0.beta.4)
    eventmachine (1.0.7)
    faraday (0.9.1)
      multipart-post (>= 1.2, < 3)
    flowdock (0.5.0)
      httparty (~> 0.7)
      multi_json
    http_parser.rb (0.6.0)
    http_router (0.11.1)
      rack (>= 1.0.0)
      url_mount (~> 0.2.1)
    httparty (0.13.3)
      json (~> 1.8)
      multi_xml (>= 0.5.2)
    i18n (0.7.0)
    ice_nine (0.11.1)
    json (1.8.2)
    lita (4.2.0)
      bundler (>= 1.3)
      faraday (>= 0.8.7)
      http_router (>= 0.11.1)
      i18n (>= 0.6.9)
      ice_nine (>= 0.11.0)
      multi_json (>= 1.7.7)
      puma (>= 2.7.1)
      rack (>= 1.5.2)
      rb-readline (>= 0.5.1)
      redis-namespace (>= 1.3.0)
      thor (>= 0.18.1)
    lita-baby_elephant (0.0.5)
      lita (>= 3.3)
      read_it (= 0.0.2)
    lita-flowdock (0.2.1)
      em-eventsource
      flowdock
      lita (~> 4.2.0)
    lita-google-images (2.0.0)
      lita (>= 4.0)
    lita-karma (3.0.0)
      lita (>= 4.0)
    lita-memegen (1.0.4)
      lita (>= 2.0)
    lita-wikipedia (0.0.3)
      lita (>= 3.1)
    lita-xkcd (0.0.5)
      lita (>= 2.2)
    method_source (0.8.2)
    multi_json (1.10.1)
    multi_xml (0.5.5)
    multipart-post (2.0.0)
    pry (0.10.1)
      coderay (~> 1.1.0)
      method_source (~> 0.8.1)
      slop (~> 3.4)
    puma (2.11.0)
      rack (>= 1.1, < 2.0)
    rack (1.6.0)
    rb-readline (0.5.2)
    read_it (0.0.2)
      faraday (>= 0.8.7)
    redis (3.2.0)
    redis-namespace (1.5.1)
      redis (~> 3.0, >= 3.0.4)
    slop (3.6.0)
    thor (0.19.1)
    url_mount (0.2.1)
      rack

PLATFORMS
  ruby

DEPENDENCIES
  dotenv
  lita
  lita-baby_elephant
  lita-flowdock
  lita-google-images
  lita-karma
  lita-memegen
  lita-wikipedia
  lita-xkcd
  pry
